PATH
  remote: .
  specs:
    rack-aggregate (0.0.1)
      aggregate
      rack

GEM
  remote: http://rubygems.org/
  specs:
    aggregate (0.2.1)
    diff-lcs (1.1.2)
    rack (1.2.1)
    rspec (2.4.0)
      rspec-core (~> 2.4.0)
      rspec-expectations (~> 2.4.0)
      rspec-mocks (~> 2.4.0)
    rspec-core (2.4.0)
    rspec-expectations (2.4.0)
      diff-lcs (~> 1.1.2)
    rspec-mocks (2.4.0)

PLATFORMS
  ruby

DEPENDENCIES
  aggregate
  rack
  rack-aggregate!
  rspec
